GEM
  remote: https://rubygems.org/
  specs:
    activemodel (3.2.9)
      activesupport (= 3.2.9)
      builder (~> 3.0.0)
    activerecord (3.2.9)
      activemodel (= 3.2.9)
      activesupport (= 3.2.9)
      arel (~> 3.0.2)
      tzinfo (~> 0.3.29)
    activesupport (3.2.9)
      i18n (~> 0.6)
      multi_json (~> 1.0)
    addressable (2.3.3)
    arel (3.0.2)
    binding_of_caller (0.6.9)
      debug_inspector (>= 0.0.1)
    builder (3.0.4)
    coderay (1.0.8)
    columnize (0.3.6)
    crack (0.3.2)
    database_cleaner (0.9.1)
    debug_inspector (0.0.2)
    debugger (1.2.4)
      columnize (>= 0.3.1)
      debugger-linecache (~> 1.1.1)
      debugger-ruby_core_source (~> 1.1.7)
    debugger-linecache (1.1.2)
      debugger-ruby_core_source (>= 1.1.1)
    debugger-ruby_core_source (1.1.8)
    diff-lcs (1.1.3)
    factory_girl (4.2.0)
      activesupport (>= 3.0.0)
    faker (1.1.2)
      i18n (~> 0.5)
    growl (1.0.3)
    guard (1.6.2)
      listen (>= 0.6.0)
      lumberjack (>= 1.0.2)
      pry (>= 0.9.10)
      terminal-table (>= 1.4.3)
      thor (>= 0.14.6)
    guard-rspec (1.2.1)
      guard (>= 1.1)
    i18n (0.6.1)
    listen (0.7.2)
    lumberjack (1.0.2)
    method_source (0.8.1)
    multi_json (1.5.0)
    nokogiri (1.5.6)
    pry (0.9.11.4)
      coderay (~> 1.0.5)
      method_source (~> 0.8)
      slop (~> 3.4)
    pry-debugger (0.2.1)
      debugger (~> 1.2.0)
      pry (~> 0.9.10)
    pry-doc (0.4.4)
      pry (>= 0.9.9.6)
      yard (~> 0.8.1)
    pry-exception_explorer (0.2.3)
      pry-stack_explorer (>= 0.4.6)
    pry-remote (0.1.6)
      pry (~> 0.9)
      slop (~> 3.0)
    pry-stack_explorer (0.4.8)
      binding_of_caller (~> 0.6.8)
      pry (~> 0.9.11)
    rake (0.9.2)
    rspec (2.10.0)
      rspec-core (~> 2.10.0)
      rspec-expectations (~> 2.10.0)
      rspec-mocks (~> 2.10.0)
    rspec-core (2.10.1)
    rspec-expectations (2.10.0)
      diff-lcs (~> 1.1.3)
    rspec-mocks (2.10.1)
    slop (3.4.3)
    sqlite3 (1.3.7)
    terminal-table (1.4.5)
    thor (0.17.0)
    tzinfo (0.3.35)
    vcr (2.4.0)
    webmock (1.9.2)
      addressable (>= 2.2.7)
      crack (>= 0.3.2)
    yard (0.8.4.1)

PLATFORMS
  ruby

DEPENDENCIES
  activerecord
  database_cleaner
  factory_girl
  faker
  growl
  guard-rspec
  nokogiri
  pry
  pry-debugger
  pry-doc
  pry-exception_explorer
  pry-remote
  pry-stack_explorer
  rake (= 0.9.2)
  rspec (= 2.10.0)
  sqlite3
  vcr
  webmock
